GEM
  remote: https://rubygems.org/
  specs:
    color (1.8)
    eventmachine (1.0.9)
    ffi (1.9.14)
    i2c (0.4.0)
    listen (3.0.8)
      rb-fsevent (~> 0.9, >= 0.9.4)
      rb-inotify (~> 0.9, >= 0.9.7)
    pi_piper (2.0.0)
      eventmachine (= 1.0.9)
      ffi
    qt1070 (0.1.2)
      i2c (~> 0.4)
    rb-fsevent (0.9.8)
    rb-inotify (0.9.7)
      ffi (>= 0.5.0)
    tlc59116 (0.1.3)
      i2c (~> 0.4)
    touchberrypi (0.1.2)
      color
      pi_piper
      qt1070 (= 0.1.2)
      tlc59116 (= 0.1.3)

PLATFORMS
  ruby

DEPENDENCIES
  listen (= 3.0.8)
  touchberrypi (~> 0.1.1)
